ObjectType = Image
NDims = 3
BinaryData = True
BinaryDataByteOrderMSB = False
CompressedData = True
CompressedDataSize = 968477
TransformMatrix = 1 0 0 0 1 0 0 0 1
Offset = -81.799999999999997 -352.661 -171.161
CenterOfRotation = 0 0 0
AnatomicalOrientation = RAI
ElementSpacing = 0.70000499999999999 0.67773399999999995 0.67773399999999995
DimSize = 512 512 543
ElementType = MET_UCHAR
ElementDataFile = VESSEL12_09.zraw
