ObjectType = Image
NDims = 3
BinaryData = True
BinaryDataByteOrderMSB = False
CompressedData = True
CompressedDataSize = 617179
TransformMatrix = 1 0 0 0 1 0 0 0 1
Offset = 2456.5 -177.34299999999999 -183.59299999999999
CenterOfRotation = 0 0 0
AnatomicalOrientation = RAI
ElementSpacing = 1 0.69199999999999995 0.69199999999999995
DimSize = 512 512 396
ElementType = MET_UCHAR
ElementDataFile = VESSEL12_19.zraw
